GEM
  remote: https://rubygems.org/
  specs:
    haml (4.0.3)
      tilt
    rack (1.6.11)
    rack-protection (1.5.0)
      rack
    sass (3.2.9)
    sequel (4.0.0)
    sinatra (1.4.3)
      rack (~> 1.4)
      rack-protection (~> 1.4)
      tilt (~> 1.3, >= 1.3.4)
    sqlite3 (1.3.7)
    tilt (1.4.1)

PLATFORMS
  ruby

DEPENDENCIES
  haml
  sass
  sequel
  sinatra
  sqlite3
